GIT
  remote: http://github.com/defunkt/fakefs.git
  revision: aa0cb96b8ebc81287a2e8aef2c3cc1e15f7ff573
  ref: aa0cb96b8ebc81287a2e
  specs:
    fakefs (0.2.1)

GEM
  remote: http://rubygems.org/
  specs:
    actionmailer (2.3.5)
      actionpack (= 2.3.5)
    actionpack (2.3.5)
      activesupport (= 2.3.5)
      rack (~> 1.0.0)
    activerecord (2.3.5)
      activesupport (= 2.3.5)
    activeresource (2.3.5)
      activesupport (= 2.3.5)
    activesupport (2.3.5)
    archive-tar-minitar (0.5.2)
    columnize (0.3.4)
    hpricot (0.8.4)
    linecache19 (0.5.12)
      ruby_core_source (>= 0.1.4)
    rack (1.0.1)
    rails (2.3.5)
      actionmailer (= 2.3.5)
      actionpack (= 2.3.5)
      activerecord (= 2.3.5)
      activeresource (= 2.3.5)
      activesupport (= 2.3.5)
      rake (>= 0.8.3)
    rake (0.9.2.2)
    ruby-debug-base19 (0.11.25)
      columnize (>= 0.3.1)
      linecache19 (>= 0.5.11)
      ruby_core_source (>= 0.1.4)
    ruby-debug19 (0.11.6)
      columnize (>= 0.3.1)
      linecache19 (>= 0.5.11)
      ruby-debug-base19 (>= 0.11.19)
    ruby_core_source (0.1.5)
      archive-tar-minitar (>= 0.5.2)
    ruby_parser (2.3.1)
      sexp_processor (~> 3.0)
    sexp_processor (3.0.7)
    test-unit (2.1.1)

PLATFORMS
  ruby

DEPENDENCIES
  fakefs (= 0.2.1)!
  hpricot
  rails (= 2.3.5)
  ruby-debug19
  ruby_parser
  test-unit (= 2.1.1)
